GEM
  remote: https://rubygems.org/
  specs:
    devise (1.0.11)
      warden (~> 0.10.3)
    rack (1.0.1)
    warden (0.10.7)
      rack (>= 1.0.0)

PLATFORMS
  ruby

DEPENDENCIES
  devise (~> 1.0.11)
  rack (~> 1.0.0)
  warden (~> 0.10.3)

BUNDLED WITH
   1.13.1
